GEM
  remote: http://rubygems.org/
  specs:
    mime-types (1.25)
    rest-client (1.6.7)
      mime-types (>= 1.16)
    xml-simple (1.1.2)

PLATFORMS
  ruby

DEPENDENCIES
  mime-types
  rest-client
  xml-simple
